PATH
  remote: .
  specs:
    simplejsonrpc (0.1)
      ffi-rzmq (~> 2.0.4)

GEM
  remote: https://rubygems.org/
  specs:
    ffi (1.9.6)
    ffi-rzmq (2.0.4)
      ffi-rzmq-core (>= 1.0.1)
    ffi-rzmq-core (1.0.3)
      ffi (~> 1.9)
    rake (10.4.2)

PLATFORMS
  ruby

DEPENDENCIES
  bundler (~> 1.3)
  rake
  simplejsonrpc!
